GEM
  remote: https://rubygems.org/
  specs:
    activemodel (4.0.0.rc1)
      activesupport (= 4.0.0.rc1)
      builder (~> 3.1.0)
    activerecord (4.0.0.rc1)
      activemodel (= 4.0.0.rc1)
      activerecord-deprecated_finders (~> 1.0.2)
      activesupport (= 4.0.0.rc1)
      arel (~> 4.0.0)
    activerecord-deprecated_finders (1.0.2)
    activesupport (4.0.0.rc1)
      i18n (~> 0.6, >= 0.6.4)
      minitest (~> 4.2)
      multi_json (~> 1.3)
      thread_safe (~> 0.1)
      tzinfo (~> 0.3.37)
    arel (4.0.0)
    atomic (1.1.9)
    backports (2.6.7)
    builder (3.1.4)
    datamappify (0.30.0)
      activesupport (>= 4.0.0.beta1, < 5)
      virtus (~> 0.5)
    descendants_tracker (0.0.1)
    i18n (0.6.4)
    minitest (4.7.4)
    multi_json (1.7.3)
    sqlite3 (1.3.6)
    thread_safe (0.1.0)
      atomic
    tzinfo (0.3.37)
    virtus (0.5.4)
      backports (~> 2.6.1)
      descendants_tracker (~> 0.0.1)

PLATFORMS
  ruby

DEPENDENCIES
  activerecord (= 4.0.0.rc1)
  activesupport
  datamappify
  sqlite3
