GEM
  remote: https://rubygems.org/
  specs:
    activemodel (3.2.13)
      activesupport (= 3.2.13)
      builder (~> 3.0.0)
    activerecord (3.2.13)
      activemodel (= 3.2.13)
      activesupport (= 3.2.13)
      arel (~> 3.0.2)
      tzinfo (~> 0.3.29)
    activesupport (3.2.13)
      i18n (= 0.6.1)
      multi_json (~> 1.0)
    arel (3.0.2)
    attr_extras (1.4.0)
    backports (3.3.0)
    builder (3.0.4)
    i18n (0.6.1)
    minimapper (0.6.0)
    minimapper-extras (0.1.0)
      attr_extras
      backports
      minimapper (>= 0.5.2)
    multi_json (1.7.3)
    sqlite3 (1.3.7)
    tzinfo (0.3.37)

PLATFORMS
  ruby

DEPENDENCIES
  activerecord
  minimapper
  minimapper-extras
  sqlite3
